PATH
  remote: .
  specs:
    bt_image_resizer (0.1.0)
      binary_transformer (~> 0.1.0)

GEM
  remote: https://rubygems.org/
  specs:
    binary_transformer (0.1.0)
      kirinnee_core (~> 0.2.1)
      mimemagic (~> 0.3.3)
    diff-lcs (1.3)
    kirinnee_core (0.2.1)
    mimemagic (0.3.3)
    rake (10.5.0)
    rspec (3.8.0)
      rspec-core (~> 3.8.0)
      rspec-expectations (~> 3.8.0)
      rspec-mocks (~> 3.8.0)
    rspec-core (3.8.0)
      rspec-support (~> 3.8.0)
    rspec-expectations (3.8.2)
      diff-lcs (>= 1.2.0, < 2.0)
      rspec-support (~> 3.8.0)
    rspec-mocks (3.8.0)
      diff-lcs (>= 1.2.0, < 2.0)
      rspec-support (~> 3.8.0)
    rspec-support (3.8.0)

PLATFORMS
  x64-mingw32

DEPENDENCIES
  bt_image_resizer!
  bundler (~> 1.17)
  rake (~> 10.0)
  rspec (~> 3.0)

BUNDLED WITH
   1.17.2
